PATH
  remote: .
  specs:
    vissen-graphics (0.1.0)
      vissen-output (~> 0.1)

GEM
  remote: https://rubygems.org/
  specs:
    minitest (5.11.3)
    rake (10.5.0)
    vissen-output (0.1.0)

PLATFORMS
  ruby

DEPENDENCIES
  bundler (~> 1.16)
  minitest (~> 5.0)
  rake (~> 10.0)
  vissen-graphics!

BUNDLED WITH
   1.16.1
